GEM
  remote: https://rubygems.org/
  specs:
    axiom-types (0.1.1)
      descendants_tracker (~> 0.0.4)
      ice_nine (~> 0.11.0)
      thread_safe (~> 0.3, >= 0.3.1)
    coercible (1.0.0)
      descendants_tracker (~> 0.0.1)
    descendants_tracker (0.0.4)
      thread_safe (~> 0.3, >= 0.3.1)
    equalizer (0.0.11)
    faraday (0.15.4)
      multipart-post (>= 1.2, < 3)
    ffi (1.11.3-x64-mingw32)
    ice_nine (0.11.2)
    inflecto (0.0.2)
    mini_magick (4.10.1)
    multipart-post (2.1.1)
    pg (1.2.3-x64-mingw32)
    rautomation (1.0.0)
      ffi (~> 1.11.0)
    telegram-bot-ruby (0.11.0)
      faraday
      inflecto
      virtus
    thread_safe (0.3.6)
    virtus (1.0.5)
      axiom-types (~> 0.1)
      coercible (~> 1.0)
      descendants_tracker (~> 0.0, >= 0.0.3)
      equalizer (~> 0.0, >= 0.0.9)
    win32screenshot (3.0.0)
      ffi (~> 1.11.0)
      mini_magick (~> 4.9)
      rautomation (~> 1.0.0)

PLATFORMS
  x64-mingw32

DEPENDENCIES
  mini_magick
  pg
  telegram-bot-ruby
  win32screenshot

BUNDLED WITH
   2.1.4
